GEM
  remote: https://rubygems.org/
  specs:
    byebug (8.2.1)
    ruby-progressbar (1.8.1)

PLATFORMS
  ruby

DEPENDENCIES
  byebug
  ruby-progressbar

BUNDLED WITH
   1.10.6
